GEM
  remote: https://rubygems.org/
  specs:
    backports (3.6.0)
    crack (0.4.2)
      safe_yaml (~> 1.0.0)
    jsmin (1.0.1)
    mini_portile (0.6.0)
    multi_json (1.10.1)
    mustache (0.99.6)
    nokogiri (1.6.3.1)
      mini_portile (= 0.6.0)
    rack (1.5.2)
    rack-protection (1.5.3)
      rack
    rack-test (0.6.2)
      rack (>= 1.0)
    rake (10.3.2)
    safe_yaml (1.0.4)
    sass (3.4.0)
    shotgun (0.9)
      rack (>= 1.0)
    sinatra (1.4.5)
      rack (~> 1.4)
      rack-protection (~> 1.4)
      tilt (~> 1.3, >= 1.3.4)
    sinatra-assetpack (0.3.3)
      jsmin
      rack-test
      sinatra
      tilt (>= 1.3.0, < 2.0)
    sinatra-contrib (1.4.2)
      backports (>= 2.0)
      multi_json
      rack-protection
      rack-test
      sinatra (~> 1.4.0)
      tilt (~> 1.3)
    tilt (1.4.1)

PLATFORMS
  ruby

DEPENDENCIES
  crack
  mustache
  nokogiri
  rake
  sass
  shotgun
  sinatra
  sinatra-assetpack
  sinatra-contrib
