GEM
  remote: http://rubygems.org/
  specs:
    backports (3.6.0)
    commonjs (0.2.7)
    jsmin (1.0.1)
    less (2.6.0)
      commonjs (~> 0.2.7)
    multi_json (1.10.1)
    mustache (0.99.6)
    rack (1.5.2)
    rack-protection (1.5.3)
      rack
    rack-test (0.6.2)
      rack (>= 1.0)
    shotgun (0.9)
      rack (>= 1.0)
    sinatra (1.4.5)
      rack (~> 1.4)
      rack-protection (~> 1.4)
      tilt (~> 1.3, >= 1.3.4)
    sinatra-assetpack (0.3.3)
      jsmin
      rack-test
      sinatra
      tilt (>= 1.3.0, < 2.0)
    sinatra-contrib (1.4.2)
      backports (>= 2.0)
      multi_json
      rack-protection
      rack-test
      sinatra (~> 1.4.0)
      tilt (~> 1.3)
    tilt (1.4.1)

PLATFORMS
  ruby

DEPENDENCIES
  less
  mustache
  shotgun
  sinatra
  sinatra-assetpack
  sinatra-contrib
